NUGET
  remote: https://www.nuget.org/api/v2
  specs:
    Expression.Blend.Sdk (1.0.2) - framework: >= net45
    FSharp.ViewModule.Core (0.9.9.2)
    FsXaml.Wpf (0.9.9)
      Expression.Blend.Sdk (>= 1.0.2) - framework: >= net45
    HtmlAgilityPack (1.4.9)
