NUGET
  remote: https://www.nuget.org/api/v2
  specs:
    HtmlAgilityPack (1.4.9)
